PATH
  remote: .
  specs:
    amazon-ec2 (0.9.17)
      xml-simple (>= 1.0.12)

GEM
  remote: http://rubygems.org/
  specs:
    awesome_print (0.3.2)
    mocha (0.9.12)
    perftools.rb (0.5.6)
    rcov (0.9.9)
    test-spec (0.10.0)
    test-unit (2.3.0)
    xml-simple (1.0.15)
    yard (0.6.8)

PLATFORMS
  ruby

DEPENDENCIES
  amazon-ec2!
  awesome_print
  mocha (>= 0.9.9)
  perftools.rb (>= 0.5.4)
  rcov (>= 0.9.9)
  test-spec (>= 0.10.0)
  test-unit (>= 2.1.2)
  xml-simple (>= 1.0.12)
  yard (>= 0.6.2)
