PATH
  remote: .
  specs:
    amazon-ec2 (0.9.17)
      xml-simple (>= 1.0.12)

GEM
  remote: http://rubygems.org/
  specs:
    mocha (0.9.9)
    rake (0.9.2.2)
    rcov (0.9.9)
    test-spec (0.10.0)
    test-unit (2.1.2)
    xml-simple (1.0.12)
    yard (0.8.2.1)

PLATFORMS
  ruby

DEPENDENCIES
  amazon-ec2!
  mocha (>= 0.9.9)
  rake (>= 0.8.7)
  rcov (>= 0.9.9)
  test-spec (>= 0.10.0)
  test-unit (>= 2.1.2)
  yard (>= 0.6.2)
